GEM
  remote: https://rubygems.org/
  specs:
    base64 (0.2.0)
    mini_portile2 (2.8.7)
    mustermann (3.0.0)
      ruby2_keywords (~> 0.0.1)
    rack (3.1.6)
    rack-protection (4.0.0)
      base64 (>= 0.1.0)
      rack (>= 3.0.0, < 4)
    rack-session (2.0.0)
      rack (>= 3.0.0)
    rackup (2.1.0)
      rack (>= 3)
      webrick (~> 1.8)
    ruby2_keywords (0.0.5)
    sinatra (4.0.0)
      mustermann (~> 3.0)
      rack (>= 3.0.0, < 4)
      rack-protection (= 4.0.0)
      rack-session (>= 2.0.0, < 3)
      tilt (~> 2.0)
    sqlite3 (2.0.2)
      mini_portile2 (~> 2.8.0)
    sqlite3 (2.0.2-arm64-darwin)
    sqlite3 (2.0.2-x86_64-darwin)
    tilt (2.4.0)
    webrick (1.8.1)

PLATFORMS
  arm64-darwin
  ruby
  x86_64-darwin
  x86_64-linux

DEPENDENCIES
  rackup
  sinatra
  sqlite3

BUNDLED WITH
   2.5.14
